GEM
  remote: http://rubygems.org/
  specs:
    actionmailer (2.3.8)
      actionpack (= 2.3.8)
    actionpack (2.3.8)
      activesupport (= 2.3.8)
      rack (~> 1.1.0)
    activerecord (2.3.8)
      activesupport (= 2.3.8)
    activeresource (2.3.8)
      activesupport (= 2.3.8)
    activesupport (2.3.8)
    awesome_nested_set (1.4.4)
      activerecord (>= 1.1)
    capistrano (2.14.1)
      highline
      net-scp (>= 1.0.0)
      net-sftp (>= 2.0.0)
      net-ssh (>= 2.0.14)
      net-ssh-gateway (>= 1.1.0)
    haml (3.1.7)
    highline (1.6.15)
    json (1.7.6)
    machinist (1.0.6)
    net-scp (1.0.4)
      net-ssh (>= 1.99.1)
    net-sftp (2.0.5)
      net-ssh (>= 2.0.9)
    net-ssh (2.6.3)
    net-ssh-gateway (1.1.0)
      net-ssh (>= 1.99.1)
    pg (0.14.1)
    rack (1.1.5)
    rails (2.3.8)
      actionmailer (= 2.3.8)
      actionpack (= 2.3.8)
      activerecord (= 2.3.8)
      activeresource (= 2.3.8)
      activesupport (= 2.3.8)
      rake (>= 0.8.3)
    rake (10.0.3)
    rdoc (3.12)
      json (~> 1.4)
    restful_acl (3.1.5)
    rspec (1.3.0)
    rspec-rails (1.3.2)
      rack (>= 1.0.0)
      rspec (>= 1.3.0)
    will_paginate (2.3.16)

PLATFORMS
  ruby

DEPENDENCIES
  awesome_nested_set (< 2.0)
  capistrano
  haml
  machinist (< 2.0)
  pg
  rails (= 2.3.8)
  rdoc
  restful_acl
  rspec (= 1.3.0)
  rspec-rails (= 1.3.2)
  will_paginate (~> 2.3.11)
