GEM
  remote: https://rubygems.org/
  specs:
    Ascii85 (1.0.2)
    actionmailer (2.3.18)
      actionpack (= 2.3.18)
    actionpack (2.3.18)
      activesupport (= 2.3.18)
      rack (~> 1.1.0)
    activerecord (2.3.18)
      activesupport (= 2.3.18)
    activeresource (2.3.18)
      activesupport (= 2.3.18)
    activesupport (2.3.18)
    afm (0.2.2)
    awesome_nested_set (1.4.4)
      activerecord (>= 1.1)
    capistrano (2.14.1)
      highline
      net-scp (>= 1.0.0)
      net-sftp (>= 2.0.0)
      net-ssh (>= 2.0.14)
      net-ssh-gateway (>= 1.1.0)
    columnize (0.9.0)
    daemons (1.0.10)
    debugger (1.6.8)
      columnize (>= 0.3.1)
      debugger-linecache (~> 1.2.0)
      debugger-ruby_core_source (~> 1.3.5)
    debugger-linecache (1.2.0)
    debugger-ruby_core_source (1.3.8)
    delayed_job (2.0.8)
      activesupport (~> 2.0)
      daemons (= 1.0.10)
    fakefs (0.11.0)
    haml (3.1.8)
    hashery (2.1.1)
    highline (1.6.15)
    hoe (3.16.0)
      rake (>= 0.8, < 13.0)
    iconv (1.0.4)
    json (1.7.6)
    machinist (1.0.6)
    net-scp (1.0.4)
      net-ssh (>= 1.99.1)
    net-sftp (2.0.5)
      net-ssh (>= 2.0.9)
    net-ssh (2.6.3)
    net-ssh-gateway (1.1.0)
      net-ssh (>= 1.99.1)
    pdf-reader (1.3.3)
      Ascii85 (~> 1.0.0)
      afm (~> 0.2.0)
      hashery (~> 2.0)
      ruby-rc4
      ttfunk
    pg (0.11.0)
    rack (1.1.6)
    rails (2.3.18)
      actionmailer (= 2.3.18)
      actionpack (= 2.3.18)
      activerecord (= 2.3.18)
      activeresource (= 2.3.18)
      activesupport (= 2.3.18)
      rake (>= 0.8.3)
    rake (10.0.4)
    rdoc (3.12)
      json (~> 1.4)
    restful_acl (3.0.4)
    rmagick (2.15.4)
    rspec (1.3.0)
    rspec-rails (1.3.2)
      rack (>= 1.0.0)
      rspec (>= 1.3.0)
    ruby-rc4 (0.1.5)
    sass (3.4.23)
    test-unit (1.2.3)
      hoe (>= 1.5.1)
    ttfunk (1.4.0)
    will_paginate (2.3.17)

PLATFORMS
  ruby

DEPENDENCIES
  awesome_nested_set (< 2.0)
  capistrano (= 2.14.1)
  debugger
  delayed_job (~> 2.0.4)
  fakefs (~> 0.11.0)
  haml (~> 3.1.7)
  iconv (~> 1.0.3)
  machinist (< 2.0)
  pdf-reader
  pg (= 0.11.0)
  rails (= 2.3.18)
  rake (~> 10.0.4)
  rdoc
  restful_acl (= 3.0.4)
  rmagick
  rspec (= 1.3.0)
  rspec-rails (= 1.3.2)
  sass (~> 3.4.11)
  test-unit (= 1.2.3)
  will_paginate (~> 2.3.11)

BUNDLED WITH
   1.14.6
