GEM
  remote: http://rubygems.org/
  specs:
    actionmailer (2.3.18)
      actionpack (= 2.3.18)
    actionpack (2.3.18)
      activesupport (= 2.3.18)
      rack (~> 1.1.0)
    activerecord (2.3.18)
      activesupport (= 2.3.18)
    activeresource (2.3.18)
      activesupport (= 2.3.18)
    activesupport (2.3.18)
    awesome_nested_set (1.4.4)
      activerecord (>= 1.1)
    capistrano (2.14.1)
      highline
      net-scp (>= 1.0.0)
      net-sftp (>= 2.0.0)
      net-ssh (>= 2.0.14)
      net-ssh-gateway (>= 1.1.0)
    columnize (0.3.6)
    daemons (1.0.10)
    delayed_job (2.0.7)
      activesupport (~> 2.0)
      daemons (= 1.0.10)
    haml (3.1.7)
    highline (1.6.15)
    hoe (3.4.0)
      rake (>= 0.8, < 11.0)
    iconv (1.0.4)
    json (1.7.6)
    linecache (0.46)
      rbx-require-relative (> 0.0.4)
    machinist (1.0.6)
    net-scp (1.0.4)
      net-ssh (>= 1.99.1)
    net-sftp (2.0.5)
      net-ssh (>= 2.0.9)
    net-ssh (2.6.3)
    net-ssh-gateway (1.1.0)
      net-ssh (>= 1.99.1)
    pg (0.11.0)
    rack (1.1.6)
    rails (2.3.18)
      actionmailer (= 2.3.18)
      actionpack (= 2.3.18)
      activerecord (= 2.3.18)
      activeresource (= 2.3.18)
      activesupport (= 2.3.18)
      rake (>= 0.8.3)
    rake (10.0.4)
    rbx-require-relative (0.0.9)
    rdoc (3.12)
      json (~> 1.4)
    restful_acl (3.0.4)
    rspec (1.3.0)
    rspec-rails (1.3.2)
      rack (>= 1.0.0)
      rspec (>= 1.3.0)
    ruby-debug (0.10.4)
      columnize (>= 0.1)
      ruby-debug-base (~> 0.10.4.0)
    ruby-debug-base (0.10.4)
      linecache (>= 0.3)
    test-unit (1.2.3)
      hoe (>= 1.5.1)
    will_paginate (2.3.16)

PLATFORMS
  ruby

DEPENDENCIES
  awesome_nested_set (< 2.0)
  capistrano
  delayed_job (~> 2.0.4)
  haml
  iconv (~> 1.0.3)
  machinist (< 2.0)
  pg (= 0.11.0)
  rails (= 2.3.18)
  rdoc
  restful_acl (= 3.0.4)
  rspec (= 1.3.0)
  rspec-rails (= 1.3.2)
  ruby-debug
  test-unit
  will_paginate (~> 2.3.11)
